PATH
  remote: .
  specs:
    short-url (0.1.2)

GEM
  remote: https://rubygems.org/
  specs:

PLATFORMS
  ruby

DEPENDENCIES
  short-url!
